PATH
  remote: .
  specs:
    zaikio-directory (0.1.1)
      concurrent-ruby
      jwt (~> 2.2.1)
      multi_json (>= 1.14.1, < 1.16.0)
      oj (~> 3.10.5)
      spyke (~> 5.3.4)

GEM
  remote: https://rubygems.org/
  specs:
    activemodel (6.0.3.3)
      activesupport (= 6.0.3.3)
    activesupport (6.0.3.3)
      concurrent-ruby (~> 1.0, >= 1.0.2)
      i18n (>= 0.7, < 2)
      minitest (~> 5.1)
      tzinfo (~> 1.1)
      zeitwerk (~> 2.2, >= 2.2.2)
    addressable (2.7.0)
      public_suffix (>= 2.0.2, < 5.0)
    ast (2.4.1)
    byebug (11.1.3)
    concurrent-ruby (1.1.7)
    crack (0.4.3)
      safe_yaml (~> 1.0.0)
    faraday (1.0.1)
      multipart-post (>= 1.2, < 3)
    faraday_middleware (1.0.0)
      faraday (~> 1.0)
    hashdiff (1.0.1)
    i18n (1.8.5)
      concurrent-ruby (~> 1.0)
    jwt (2.2.2)
    minitest (5.14.2)
    mocha (1.11.2)
    multi_json (1.15.0)
    multipart-post (2.1.1)
    oj (3.10.14)
    parallel (1.19.2)
    parser (2.7.1.4)
      ast (~> 2.4.1)
    public_suffix (4.0.6)
    rack (2.2.3)
    rainbow (3.0.0)
    rake (13.0.1)
    regexp_parser (1.7.1)
    rexml (3.2.4)
    rubocop (0.90.0)
      parallel (~> 1.10)
      parser (>= 2.7.1.1)
      rainbow (>= 2.2.2, < 4.0)
      regexp_parser (>= 1.7)
      rexml
      rubocop-ast (>= 0.3.0, < 1.0)
      ruby-progressbar (~> 1.7)
      unicode-display_width (>= 1.4.0, < 2.0)
    rubocop-ast (0.3.0)
      parser (>= 2.7.1.4)
    rubocop-performance (1.8.0)
      rubocop (>= 0.87.0)
    rubocop-rails (2.8.0)
      activesupport (>= 4.2.0)
      rack (>= 1.1)
      rubocop (>= 0.87.0)
    ruby-progressbar (1.10.1)
    safe_yaml (1.0.5)
    spyke (5.3.4)
      activemodel (>= 4.0.0)
      activesupport (>= 4.0.0)
      addressable (>= 2.5.2)
      faraday (>= 0.9.0, < 2.0)
      faraday_middleware (>= 0.9.1, < 2.0)
    thread_safe (0.3.6)
    tzinfo (1.2.7)
      thread_safe (~> 0.1)
    unicode-display_width (1.7.0)
    vcr (6.0.0)
    webmock (3.8.3)
      addressable (>= 2.3.6)
      crack (>= 0.3.2)
      hashdiff (>= 0.4.0, < 2.0.0)
    zeitwerk (2.4.0)

PLATFORMS
  ruby

DEPENDENCIES
  activesupport
  byebug
  mocha
  rake
  rubocop
  rubocop-performance
  rubocop-rails
  vcr
  webmock
  zaikio-directory!

BUNDLED WITH
   2.1.4
